GEM
  remote: https://rubygems.org/
  specs:
    actioncable (5.1.4)
      actionpack (= 5.1.4)
      nio4r (~> 2.0)
      websocket-driver (~> 0.6.1)
    actionmailer (5.1.4)
      actionpack (= 5.1.4)
      actionview (= 5.1.4)
      activejob (= 5.1.4)
      mail (~> 2.5, >= 2.5.4)
      rails-dom-testing (~> 2.0)
    actionpack (5.1.4)
      actionview (= 5.1.4)
      activesupport (= 5.1.4)
      rack (~> 2.0)
      rack-test (>= 0.6.3)
      rails-dom-testing (~> 2.0)
      rails-html-sanitizer (~> 1.0, >= 1.0.2)
    actionview (5.1.4)
      activesupport (= 5.1.4)
      builder (~> 3.1)
      erubi (~> 1.4)
      rails-dom-testing (~> 2.0)
      rails-html-sanitizer (~> 1.0, >= 1.0.3)
    activejob (5.1.4)
      activesupport (= 5.1.4)
      globalid (>= 0.3.6)
    activemodel (5.1.4)
      activesupport (= 5.1.4)
    activerecord (5.1.4)
      activemodel (= 5.1.4)
      activesupport (= 5.1.4)
      arel (~> 8.0)
    activerecord-import (0.21.0)
      activerecord (>= 3.2)
    activesupport (5.1.4)
      concurrent-ruby (~> 1.0, >= 1.0.2)
      i18n (~> 0.7)
      minitest (~> 5.1)
      tzinfo (~> 1.1)
    addressable (2.5.2)
      public_suffix (>= 2.0.2, < 4.0)
    airbrake (6.3.0)
      airbrake-ruby (~> 2.4)
    airbrake-ruby (2.8.0)
    api-pagination (4.7.0)
    arel (8.0.0)
    aspector (0.14.0)
    attr_extras (5.2.0)
    axiom-types (0.1.1)
      descendants_tracker (~> 0.0.4)
      ice_nine (~> 0.11.0)
      thread_safe (~> 0.3, >= 0.3.1)
    bindex (0.5.0)
    builder (3.2.3)
    byebug (9.1.0)
    codeclimate-test-reporter (1.0.7)
      simplecov
    coercible (1.0.0)
      descendants_tracker (~> 0.0.1)
    coffee-rails (4.2.2)
      coffee-script (>= 2.2.0)
      railties (>= 4.0.0)
    coffee-script (2.4.1)
      coffee-script-source
      execjs
    coffee-script-source (1.12.2)
    concurrent-ruby (1.0.5)
    crass (1.0.3)
    descendants_tracker (0.0.4)
      thread_safe (~> 0.3, >= 0.3.1)
    diff-lcs (1.3)
    docile (1.1.5)
    equalizer (0.0.11)
    erubi (1.7.0)
    event_bus (1.1.1)
    execjs (2.7.0)
    factory_girl (4.9.0)
      activesupport (>= 3.0.0)
    factory_girl_rails (4.9.0)
      factory_girl (~> 4.9.0)
      railties (>= 3.0.0)
    faraday (0.13.1)
      multipart-post (>= 1.2, < 3)
    ffi (1.9.18)
    globalid (0.4.1)
      activesupport (>= 4.2.0)
    google-cloud-core (1.1.0)
      google-cloud-env (~> 1.0)
    google-cloud-env (1.0.1)
      faraday (~> 0.11)
    google-cloud-speech (0.28.0)
      google-cloud-core (~> 1.1)
      google-gax (~> 1.0)
    google-gax (1.0.1)
      google-protobuf (~> 3.2)
      googleapis-common-protos (>= 1.3.5, < 2.0)
      googleauth (~> 0.6.2)
      grpc (>= 1.7.2, < 2.0)
      rly (~> 0.2.3)
    google-protobuf (3.5.1.1)
    googleapis-common-protos (1.3.7)
      google-protobuf (~> 3.0)
      googleapis-common-protos-types (~> 1.0)
      grpc (~> 1.0)
    googleapis-common-protos-types (1.0.1)
      google-protobuf (~> 3.0)
    googleauth (0.6.2)
      faraday (~> 0.12)
      jwt (>= 1.4, < 3.0)
      logging (~> 2.0)
      memoist (~> 0.12)
      multi_json (~> 1.11)
      os (~> 0.9)
      signet (~> 0.7)
    grpc (1.8.3)
      google-protobuf (~> 3.1)
      googleapis-common-protos-types (~> 1.0.0)
      googleauth (>= 0.5.1, < 0.7)
    i18n (0.9.1)
      concurrent-ruby (~> 1.0)
    ice_nine (0.11.2)
    inflecto (0.0.2)
    jbuilder (2.7.0)
      activesupport (>= 4.2.0)
      multi_json (>= 1.2)
    jquery-rails (4.3.1)
      rails-dom-testing (>= 1, < 3)
      railties (>= 4.2.0)
      thor (>= 0.14, < 2.0)
    json (1.8.6)
    jwt (2.1.0)
    kaminari (1.1.1)
      activesupport (>= 4.1.0)
      kaminari-actionview (= 1.1.1)
      kaminari-activerecord (= 1.1.1)
      kaminari-core (= 1.1.1)
    kaminari-actionview (1.1.1)
      actionview
      kaminari-core (= 1.1.1)
    kaminari-activerecord (1.1.1)
      activerecord
      kaminari-core (= 1.1.1)
    kaminari-core (1.1.1)
    little-plugger (1.1.4)
    logging (2.2.2)
      little-plugger (~> 1.1)
      multi_json (~> 1.10)
    loofah (2.1.1)
      crass (~> 1.0.2)
      nokogiri (>= 1.5.9)
    mail (2.7.0)
      mini_mime (>= 0.1.1)
    memoist (0.16.0)
    method_source (0.9.0)
    mini_mime (1.0.0)
    mini_portile2 (2.3.0)
    minitest (5.11.1)
    msgpack (1.2.2)
    multi_json (1.13.1)
    multipart-post (2.0.0)
    newrelic_rpm (4.7.1.340)
    nio4r (2.2.0)
    nokogiri (1.8.1)
      mini_portile2 (~> 2.3.0)
    os (0.9.6)
    pg (0.21.0)
    public_suffix (3.0.1)
    puma (3.11.1)
    puma-heroku (1.0.0)
      puma (~> 3.0)
    rack (2.0.3)
    rack-cors (1.0.2)
    rack-test (0.8.2)
      rack (>= 1.0, < 3)
    rails (5.1.4)
      actioncable (= 5.1.4)
      actionmailer (= 5.1.4)
      actionpack (= 5.1.4)
      actionview (= 5.1.4)
      activejob (= 5.1.4)
      activemodel (= 5.1.4)
      activerecord (= 5.1.4)
      activesupport (= 5.1.4)
      bundler (>= 1.3.0)
      railties (= 5.1.4)
      sprockets-rails (>= 2.0.0)
    rails-dom-testing (2.0.3)
      activesupport (>= 4.2.0)
      nokogiri (>= 1.6)
    rails-html-sanitizer (1.0.3)
      loofah (~> 2.0)
    railties (5.1.4)
      actionpack (= 5.1.4)
      activesupport (= 5.1.4)
      method_source
      rake (>= 0.8.7)
      thor (>= 0.18.1, < 2.0)
    rake (12.3.0)
    rb-fsevent (0.10.2)
    rb-inotify (0.9.10)
      ffi (>= 0.5.0, < 2)
    rdoc (4.3.0)
    redis (3.3.5)
    rly (0.2.3)
    rspec-core (3.7.1)
      rspec-support (~> 3.7.0)
    rspec-expectations (3.7.0)
      diff-lcs (>= 1.2.0, < 2.0)
      rspec-support (~> 3.7.0)
    rspec-mocks (3.7.0)
      diff-lcs (>= 1.2.0, < 2.0)
      rspec-support (~> 3.7.0)
    rspec-rails (3.7.2)
      actionpack (>= 3.0)
      activesupport (>= 3.0)
      railties (>= 3.0)
      rspec-core (~> 3.7.0)
      rspec-expectations (~> 3.7.0)
      rspec-mocks (~> 3.7.0)
      rspec-support (~> 3.7.0)
    rspec-support (3.7.0)
    sass (3.5.5)
      sass-listen (~> 4.0.0)
    sass-listen (4.0.0)
      rb-fsevent (~> 0.9, >= 0.9.4)
      rb-inotify (~> 0.9, >= 0.9.7)
    sass-rails (5.0.7)
      railties (>= 4.0.0, < 6)
      sass (~> 3.1)
      sprockets (>= 2.8, < 4.0)
      sprockets-rails (>= 2.0, < 4.0)
      tilt (>= 1.1, < 3)
    sdoc (0.4.2)
      json (~> 1.7, >= 1.7.7)
      rdoc (~> 4.0)
    signet (0.8.1)
      addressable (~> 2.3)
      faraday (~> 0.9)
      jwt (>= 1.5, < 3.0)
      multi_json (~> 1.10)
    simplecov (0.15.1)
      docile (~> 1.1.0)
      json (>= 1.8, < 3)
      simplecov-html (~> 0.10.0)
    simplecov-html (0.10.2)
    spring (2.0.2)
      activesupport (>= 4.2)
    sprockets (3.7.1)
      concurrent-ruby (~> 1.0)
      rack (> 1, < 3)
    sprockets-rails (3.2.1)
      actionpack (>= 4.0)
      activesupport (>= 4.0)
      sprockets (>= 3.0.0)
    telegram-bot-ruby (0.8.6.1)
      faraday
      inflecto
      virtus
    thor (0.20.0)
    thread_safe (0.3.6)
    tilt (2.0.8)
    turbolinks (5.1.0)
      turbolinks-source (~> 5.1)
    turbolinks-source (5.1.0)
    turnpike (0.8.0)
      msgpack (~> 1.0)
      redis (~> 3.0)
    tzinfo (1.2.4)
      thread_safe (~> 0.1)
    uglifier (4.1.3)
      execjs (>= 0.3.0, < 3)
    virtus (1.0.5)
      axiom-types (~> 0.1)
      coercible (~> 1.0)
      descendants_tracker (~> 0.0, >= 0.0.3)
      equalizer (~> 0.0, >= 0.0.9)
    web-console (3.5.1)
      actionview (>= 5.0)
      activemodel (>= 5.0)
      bindex (>= 0.4.0)
      railties (>= 5.0)
    websocket-driver (0.6.5)
      websocket-extensions (>= 0.1.0)
    websocket-extensions (0.1.3)

PLATFORMS
  ruby

DEPENDENCIES
  activerecord-import (~> 0.18)
  airbrake (~> 6.1)
  api-pagination
  aspector
  attr_extras
  byebug
  codeclimate-test-reporter
  coffee-rails (~> 4.2.0)
  event_bus
  factory_girl_rails (~> 4.0)
  google-cloud-speech
  jbuilder (~> 2.0)
  jquery-rails
  kaminari
  newrelic_rpm
  pg (~> 0.18)
  puma
  puma-heroku
  rack-cors
  rails (>= 5.1, < 5.2)
  rspec-rails
  sass-rails (~> 5.0)
  sdoc (~> 0.4.0)
  simplecov
  spring
  telegram-bot-ruby
  turbolinks
  turnpike
  uglifier (>= 1.3.0)
  web-console (~> 3.0)

BUNDLED WITH
   1.16.1
